GEM
  remote: https://rubygems.org/
  specs:
    backports (3.15.0)
    builder (3.2.3)
    childprocess (0.9.0)
      ffi (~> 1.0, >= 1.0.11)
    concurrent-ruby (1.1.3)
    cucumber (3.1.2)
      builder (>= 2.1.2)
      cucumber-core (~> 3.2.0)
      cucumber-expressions (~> 6.0.1)
      cucumber-wire (~> 0.0.1)
      diff-lcs (~> 1.3)
      gherkin (~> 5.1.0)
      multi_json (>= 1.7.5, < 2.0)
      multi_test (>= 0.1.2)
    cucumber-core (3.2.1)
      backports (>= 3.8.0)
      cucumber-tag_expressions (~> 1.1.0)
      gherkin (~> 5.0)
    cucumber-expressions (6.0.1)
    cucumber-tag_expressions (1.1.1)
    cucumber-wire (0.0.1)
    diff-lcs (1.3)
    faker (1.9.1)
      i18n (>= 0.7)
    ffi (1.9.25)
    gherkin (5.1.0)
    i18n (1.1.1)
      concurrent-ruby (~> 1.0)
    multi_json (1.13.1)
    multi_test (0.1.2)
    regexp_parser (1.2.0)
    rubyzip (1.2.2)
    selenium-webdriver (3.141.0)
      childprocess (~> 0.5)
      rubyzip (~> 1.2, >= 1.2.2)
    watir (6.15.0)
      regexp_parser (~> 1.2)
      selenium-webdriver (~> 3.4, >= 3.4.1)
    webdriver (0.1.0)

PLATFORMS
  ruby

DEPENDENCIES
  cucumber
  faker
  watir
  webdriver

BUNDLED WITH
   1.17.3
